GEM
  remote: https://rubygems.org/
  specs:
    minitest (5.6.0)
    sqlite3 (1.3.10)

PLATFORMS
  ruby

DEPENDENCIES
  minitest
  sqlite3
