GEM
  remote: https://rubygems.org/
  specs:
    aws-sdk (2.0.41)
      aws-sdk-resources (= 2.0.41)
    aws-sdk-core (2.0.41)
      builder (~> 3.0)
      jmespath (~> 1.0)
      multi_json (~> 1.0)
    aws-sdk-resources (2.0.41)
      aws-sdk-core (= 2.0.41)
    builder (3.2.2)
    byebug (4.0.5)
      columnize (= 0.9.0)
    columnize (0.9.0)
    jmespath (1.0.2)
      multi_json (~> 1.0)
    minitest (5.6.0)
    multi_json (1.11.0)
    sqlite3 (1.3.10)

PLATFORMS
  ruby

DEPENDENCIES
  aws-sdk (~> 2)
  byebug
  minitest
  sqlite3
